GEM
  remote: http://rubygems.org/
  specs:
    activesupport (3.0.7)
    awesome_print (0.3.2)
    git (1.2.5)
    haml (3.1.1)
    hashie (1.0.0)
    i18n (0.5.0)
    jeweler (1.6.2)
      bundler (~> 1.0)
      git (>= 1.2.5)
      rake
    nokogiri (1.4.4)
    rack (1.3.0)
    rake (0.9.2)
    rcov (0.9.9)
    redcarpet (1.15.2)
    sass (3.1.1)
    shoulda (2.11.3)
    sinatra (1.2.6)
      rack (~> 1.1)
      tilt (>= 1.2.2, < 2.0)
    sinatra_more (0.3.43)
      activesupport
      bundler (>= 0.9.2)
      sinatra (>= 0.9.2)
      thor (>= 0.11.8)
      tilt (>= 0.2)
    thor (0.14.6)
    tilt (1.2.2)

PLATFORMS
  ruby

DEPENDENCIES
  awesome_print
  bundler (~> 1.0.0)
  haml
  hashie
  i18n
  jeweler (~> 1.6.2)
  nokogiri
  rcov
  redcarpet
  sass
  shoulda
  sinatra
  sinatra_more
