GEM
  remote: http://rubygems.org/
  specs:
    activesupport (3.0.8)
    haml (3.1.2)
    hashie (1.1.0)
    i18n (0.6.0)
    nokogiri (1.4.4)
    rack (1.3.0)
    redcarpet (1.15.2)
    sass (3.1.2)
    shotgun (0.9)
      rack (>= 1.0)
    sinatra (1.2.6)
      rack (~> 1.1)
      tilt (>= 1.2.2, < 2.0)
    sinatra_more (0.3.43)
      activesupport
      bundler (>= 0.9.2)
      sinatra (>= 0.9.2)
      thor (>= 0.11.8)
      tilt (>= 0.2)
    thor (0.14.6)
    tilt (1.3.2)

PLATFORMS
  ruby

DEPENDENCIES
  haml
  hashie
  i18n
  nokogiri
  redcarpet
  sass
  shotgun
  sinatra
  sinatra_more
